GEM
  remote: https://rubygems.org/
  specs:
    choice (0.2.0)
    mysql2 (0.4.5)

PLATFORMS
  ruby

DEPENDENCIES
  choice
  mysql2

BUNDLED WITH
   1.11.2
